GEM
  remote: http://rubygems.org/
  specs:
    activesupport (3.0.5)
    i18n (0.5.0)
    rack (1.2.2)
    sinatra (1.2.0)
      rack (~> 1.1)
      tilt (< 2.0, >= 1.2.2)
    sk_api_schema (0.0.18)
      activesupport
    tilt (1.2.2)

PLATFORMS
  ruby

DEPENDENCIES
  activesupport
  i18n
  sinatra
  sk_api_schema
