GEM
  remote: http://rubygems.org/
  specs:
    activesupport (3.0.3)
    daemons (1.1.0)
    eventmachine (0.12.10)
    i18n (0.5.0)
    rack (1.2.1)
    sinatra (1.1.2)
      rack (~> 1.1)
      tilt (~> 1.2)
    sk_api_schema (0.0.15)
      activesupport
    thin (1.2.7)
      daemons (>= 1.0.9)
      eventmachine (>= 0.12.6)
      rack (>= 1.0.0)
    tilt (1.2.2)

PLATFORMS
  ruby

DEPENDENCIES
  activesupport
  i18n
  sinatra
  sk_api_schema
  thin
