GEM
  remote: http://rubygems.org/
  specs:
    activesupport (3.0.9)
    i18n (0.6.0)
    rack (1.3.0)
    sinatra (1.2.6)
      rack (~> 1.1)
      tilt (< 2.0, >= 1.2.2)
    sk_api_schema (0.2.2)
      activesupport
    tilt (1.3.2)

PLATFORMS
  ruby

DEPENDENCIES
  activesupport
  i18n
  sinatra
  sk_api_schema
