GEM
  remote: http://rubygems.org/
  specs:
    activesupport (3.0.7)
    i18n (0.5.0)
    rack (1.2.2)
    sinatra (1.2.6)
      rack (~> 1.1)
      tilt (>= 1.2.2, < 2.0)
    sk_api_schema (0.1.1)
      activesupport
    tilt (1.3)

PLATFORMS
  ruby

DEPENDENCIES
  activesupport
  i18n
  sinatra
  sk_api_schema
